{
    "Modality": "PT",
    "Manufacturer": "Siemens",
    "ManufacturersModelName": "petmct1",
    "InstitutionName": "NIH Clinical Center",
    "InstitutionalDepartmentName": "PET petmct1",
    "InstitutionAddress": "10 Center Drive, Bethesda, MD 20892",
    "DeviceSerialNumber": "11048",
    "StationName": "CTAWP71179",
    "PatientPosition": "FFS",
    "SoftwareVersions": "VG80B",
    "SeriesDescription": "PET_Brain_Dyn_SF51_120min_34mA (Adult)_SF12051_PointSpreadFunctionmodellingTimeOfFlight_sesbaseline_61d03131dec6bfced3bc604d3063efc8",
    "ProtocolName": "PET_Brain_Dyn_SF51_120min_34mA (Adult)",
    "ImageType": [
        "ORIGINAL",
        "PRIMARY"
    ],
    "SeriesNumber": 5,
    "AcquisitionNumber": 2001,
    "ImageComments": "Frame 1 of 33^AC_CT_Brain",
    "Radiopharmaceutical": "SF12051",
    "RadionuclidePositronFraction": 0.9673,
    "RadionuclideTotalDose": 191660000,
    "RadionuclideHalfLife": 6586.2,
    "DoseCalibrationFactor": 31982500,
    "Units": "Bq/mL",
    "DecayCorrection": "ADMIN",
    "AttenuationCorrectionMethod": "measured,AC_CT_Brain",
    "DecayFactor": [
        1.0019,
        1.00506,
        1.00824,
        1.01143,
        1.01463,
        1.01784,
        1.02267,
        1.02915,
        1.03567,
        1.04552,
        1.05881,
        1.08247,
        1.11719,
        1.15303,
        1.19001,
        1.22819,
        1.26758,
        1.30824,
        1.3502,
        1.39351,
        1.43821,
        1.48435,
        1.53196,
        1.5811,
        1.63181,
        1.68416,
        1.73818,
        1.79393,
        1.85148,
        1.91087,
        1.97216,
        2.03542,
        2.10071
    ],
    "FrameTimesStart": [
        0,
        30,
        60,
        90,
        120,
        150,
        180,
        240,
        300,
        360,
        480,
        600,
        900,
        1200,
        1500,
        1800,
        2100,
        2400,
        2700,
        3000,
        3300,
        3600,
        3900,
        4200,
        4500,
        4800,
        5100,
        5400,
        5700,
        6000,
        6300,
        6600,
        6900
    ],
    "FrameDuration": [
        30,
        30,
        30,
        30,
        30,
        30,
        60,
        60,
        60,
        120,
        120,
        300,
        300,
        300,
        300,
        300,
        300,
        300,
        300,
        300,
        300,
        300,
        300,
        300,
        300,
        300,
        300,
        300,
        300,
        300,
        300,
        300,
        300
    ],
    "FrameReferenceTime": [
        14,
        44,
        74,
        104,
        134,
        164,
        209,
        269,
        329,
        418.937,
        538.937,
        748.605,
        1048.61,
        1348.61,
        1648.61,
        1948.61,
        2248.61,
        2548.61,
        2848.61,
        3148.61,
        3448.61,
        3748.61,
        4048.61,
        4348.61,
        4648.61,
        4948.61,
        5248.61,
        5548.61,
        5848.61,
        6148.61,
        6448.61,
        6748.61,
        7048.61
    ],
    "SliceThickness": 2,
    "ImageOrientationPatientDICOM": [
        1,
        0,
        0,
        0,
        1,
        0
    ],
    "BidsGuess": [
        "PET",
        "PET"
    ],
    "ConversionSoftware": [
        "dcm2niix",
        "pypet2bids"
    ],
    "ConversionSoftwareVersion": [
        "v1.0.20240202",
        "1.3.13"
    ],
    "ReconMethodName": "Point-Spread Function modelling Time Of Flight",
    "ReconMethodParameterUnits": [
        "none",
        "none"
    ],
    "ReconMethodParameterLabels": [
        "subsets",
        "iterations"
    ],
    "ReconMethodParameterValues": [
        21,
        3
    ],
    "AttenuationCorrection": "measured,AC_CT_Brain",
    "ScatterFraction": [
        0.268794
    ],
    "DecayCorrectionFactor": [
        1.0178379
    ],
    "TimeZero": "11:10:08",
    "ScanStart": 0,
    "InjectionStart": 0,
    "TracerRadionuclide": "[18F]",
    "TracerName": "SF12051",
    "InjectedRadioactivity": 191660,
    "InjectedRadioactivityUnits": "kBq",
    "InjectedMass": 2.2360053277018452,
    "InjectedMassUnits": "nmol",
    "SpecificRadioactivity": 81890.78943654126,
    "SpecificRadioactivityUnits": "kBq/nmol",
    "ModeOfAdministration": "bolus",
    "AcquisitionMode": "list mode",
    "ImageDecayCorrected": true,
    "ImageDecayCorrectionTime": 0,
    "MolarActivity": 81890.78943654126,
    "MolarActivityUnits": "kBq/nmol",
    "MolarActivityMeasTime": "11:10:05",
    "MolecularWeight": 999.9999999999999,
    "MolecularWeightUnits": "g/mol",
    "ReconFilterSize": 2,
    "ReconFilterType": "XYZ Gauss0",
    "RepetitionTime": 0
}