{
    "Modality": "PT",
    "Manufacturer": "Siemens",
    "ManufacturersModelName": "petmct1",
    "InstitutionName": "NIH Clinical Center",
    "InstitutionalDepartmentName": "PET petmct1",
    "InstitutionAddress": "10 Center Drive, Bethesda, MD 20892",
    "DeviceSerialNumber": "11048",
    "StationName": "CTAWP71179",
    "PatientPosition": "FFS",
    "SoftwareVersions": "VG62C",
    "SeriesDescription": "PET_Brain_SF51_Dyn_TOF_SF12051_PointSpreadFunctionmodellingTimeOfFlight_sesbaseline_1329e25362a4451c5e85bfc0229ed4c3",
    "ProtocolName": "PET_Brain_SF51_Dyn_TOF",
    "ImageType": [
        "ORIGINAL",
        "PRIMARY"
    ],
    "SeriesNumber": 5,
    "AcquisitionNumber": 2001,
    "ImageComments": "Frame 1 of 33^AC_CT_Brain",
    "Radiopharmaceutical": "SF12051",
    "RadionuclidePositronFraction": 0.9673,
    "RadionuclideTotalDose": 198690000,
    "RadionuclideHalfLife": 6586.2,
    "DoseCalibrationFactor": 32021000,
    "Units": "Bq/mL",
    "DecayCorrection": "ADMIN",
    "AttenuationCorrectionMethod": "measured,AC_CT_Brain",
    "DecayFactor": [
        1.00221,
        1.00538,
        1.00856,
        1.01175,
        1.01495,
        1.01816,
        1.02299,
        1.02947,
        1.03599,
        1.04585,
        1.05915,
        1.08281,
        1.11755,
        1.15339,
        1.19039,
        1.22857,
        1.26798,
        1.30865,
        1.35063,
        1.39395,
        1.43867,
        1.48482,
        1.53244,
        1.5816,
        1.63233,
        1.68469,
        1.73873,
        1.7945,
        1.85206,
        1.91147,
        1.97278,
        2.03606,
        2.10137
    ],
    "FrameTimesStart": [
        0,
        30,
        60,
        90,
        120,
        150,
        180,
        240,
        300,
        360,
        480,
        600,
        900,
        1200,
        1500,
        1800,
        2100,
        2400,
        2700,
        3000,
        3300,
        3600,
        3900,
        4200,
        4500,
        4800,
        5100,
        5400,
        5700,
        6000,
        6300,
        6600,
        6900
    ],
    "FrameDuration": [
        30,
        30,
        30,
        30,
        30,
        30,
        60,
        60,
        60,
        120,
        120,
        300,
        300,
        300,
        300,
        300,
        300,
        300,
        300,
        300,
        300,
        300,
        300,
        300,
        300,
        300,
        300,
        300,
        300,
        300,
        300,
        300,
        300
    ],
    "FrameReferenceTime": [
        15,
        45,
        75,
        105,
        135,
        165,
        210,
        270,
        330,
        419.937,
        539.937,
        749.605,
        1049.61,
        1349.61,
        1649.61,
        1949.61,
        2249.61,
        2549.61,
        2849.61,
        3149.61,
        3449.61,
        3749.61,
        4049.61,
        4349.61,
        4649.61,
        4949.61,
        5249.61,
        5549.61,
        5849.61,
        6149.61,
        6449.61,
        6749.61,
        7049.61
    ],
    "SliceThickness": 2,
    "ImageOrientationPatientDICOM": [
        1,
        0,
        0,
        0,
        1,
        0
    ],
    "BidsGuess": [
        "PET",
        "PET"
    ],
    "ConversionSoftware": [
        "dcm2niix",
        "pypet2bids"
    ],
    "ConversionSoftwareVersion": [
        "v1.0.20240202",
        "1.3.13"
    ],
    "ReconMethodName": "Point-Spread Function modelling Time Of Flight",
    "ReconMethodParameterUnits": [
        "none",
        "none"
    ],
    "ReconMethodParameterLabels": [
        "subsets",
        "iterations"
    ],
    "ReconMethodParameterValues": [
        21,
        3
    ],
    "AttenuationCorrection": "measured,AC_CT_Brain",
    "ScatterFraction": [
        0.289113
    ],
    "DecayCorrectionFactor": [
        1.0458534
    ],
    "TimeZero": "11:05:08",
    "ScanStart": 0,
    "InjectionStart": 0,
    "TracerRadionuclide": "[18F]",
    "TracerName": "SF12051",
    "InjectedRadioactivity": 198690,
    "InjectedRadioactivityUnits": "kBq",
    "InjectedMass": 2.651490501401166,
    "InjectedMassUnits": "nmol",
    "SpecificRadioactivity": 74935.21092947658,
    "SpecificRadioactivityUnits": "kBq/nmol",
    "ModeOfAdministration": "bolus",
    "AcquisitionMode": "list mode",
    "ImageDecayCorrected": true,
    "ImageDecayCorrectionTime": 0,
    "MolarActivity": 74935.21092947658,
    "MolarActivityUnits": "kBq/nmol",
    "MolarActivityMeasTime": "11:05:02",
    "MolecularWeight": 1000.0000000000001,
    "MolecularWeightUnits": "g/mol",
    "ReconFilterSize": 2,
    "ReconFilterType": "XYZ Gauss0",
    "RepetitionTime": 0
}