{
    "Modality": "MR",
    "MagneticFieldStrength": 3,
    "ImagingFrequency": 127.758456,
    "Manufacturer": "Philips",
    "ManufacturersModelName": "Achieva",
    "InstitutionName": "NIH Clinical Center",
    "InstitutionalDepartmentName": "Radiology MR2",
    "DeviceSerialNumber": "17384",
    "StationName": "PHILIPS-GN34U7Q",
    "PatientAge": 52,
    "BodyPartExamined": "BRAIN",
    "PatientPosition": "HFS",
    "ProcedureStepDescription": "MRI Brain",
    "SoftwareVersions": "5.7.1\\5.7.1.2",
    "MRAcquisitionType": "3D",
    "SeriesDescription": "3D T1 TFE SAG 1",
    "ProtocolName": "3D T1 TFE SAG 1",
    "ScanningSequence": "GR",
    "SequenceVariant": "MP",
    "ScanOptions": "OTHER",
    "PulseSequenceName": "T1TFE",
    "ImageType": [
        "ORIGINAL",
        "PRIMARY",
        "M",
        "FFE",
        "M",
        "FFE"
    ],
    "SeriesNumber": 201,
    "AcquisitionTime": "08:35:30.600000",
    "AcquisitionNumber": 2,
    "PhilipsRWVSlope": 2.48327,
    "PhilipsRWVIntercept": 0,
    "SliceThickness": 1,
    "SpacingBetweenSlices": 1,
    "SAR": 0.0149849,
    "EchoTime": 0.00376,
    "RepetitionTime": 0.0081897,
    "MTState": false,
    "SpoilingState": true,
    "SpoilingType": "COMBINED",
    "FlipAngle": 8,
    "CoilString": "SENSE_HEAD_8",
    "PercentPhaseFOV": 100,
    "PercentSampling": 100,
    "EchoTrainLength": 240,
    "PhaseEncodingSteps": 240,
    "FrequencyEncodingSteps": 240,
    "PhaseEncodingStepsOutOfPlane": 181,
    "AcquisitionMatrixPE": 240,
    "ReconMatrixPE": 256,
    "ParallelAcquisitionTechnique": "SENSE",
    "ParallelReductionFactorOutOfPlane": 1.5,
    "AcquisitionDuration": 509.013,
    "PixelBandwidth": 191,
    "PhaseEncodingAxis": "i",
    "ImageOrientationPatientDICOM": [
        0.0226734,
        0.999267,
        0.0308356,
        0.0760315,
        0.0290306,
        -0.996683
    ],
    "InPlanePhaseEncodingDirectionDICOM": "ROW",
    "BidsGuess": [
        "anat",
        "_acq-MPGRT1TFE_run-201_T1w"
    ],
    "ConversionSoftware": "dcm2niix",
    "ConversionSoftwareVersion": "v1.0.20240202"
}