{
    "Modality": "MR",
    "MagneticFieldStrength": 3,
    "ImagingFrequency": 127.743472,
    "Manufacturer": "Philips",
    "ManufacturersModelName": "Achieva",
    "InstitutionName": "NIH Clinical Center",
    "InstitutionalDepartmentName": "Radiology MR4",
    "DeviceSerialNumber": "17461",
    "StationName": "PHILIPS-GALPT32",
    "PatientAge": 55,
    "BodyPartExamined": "BRAIN",
    "PatientPosition": "HFS",
    "ProcedureStepDescription": "MRI Brain",
    "SoftwareVersions": "5.7.1\\5.7.1.2",
    "MRAcquisitionType": "3D",
    "SeriesDescription": "3D T1 TFE SAG",
    "ProtocolName": "3D T1 TFE SAG",
    "ScanningSequence": "GR",
    "SequenceVariant": "MP",
    "ScanOptions": "OTHER",
    "PulseSequenceName": "T1TFE",
    "ImageType": [
        "ORIGINAL",
        "PRIMARY",
        "M",
        "FFE",
        "M",
        "FFE"
    ],
    "SeriesNumber": 201,
    "AcquisitionTime": "07:08:43.200000",
    "AcquisitionNumber": 2,
    "PhilipsRWVSlope": 2.46813,
    "PhilipsRWVIntercept": 0,
    "SliceThickness": 1,
    "SpacingBetweenSlices": 1,
    "SAR": 0.0149849,
    "EchoTime": 0.003712,
    "RepetitionTime": 0.0081092,
    "MTState": false,
    "SpoilingState": true,
    "SpoilingType": "COMBINED",
    "FlipAngle": 8,
    "CoilString": "SENSE_HEAD_8",
    "PercentPhaseFOV": 100,
    "PercentSampling": 100,
    "EchoTrainLength": 240,
    "PhaseEncodingSteps": 240,
    "FrequencyEncodingSteps": 240,
    "PhaseEncodingStepsOutOfPlane": 181,
    "AcquisitionMatrixPE": 240,
    "ReconMatrixPE": 288,
    "ParallelAcquisitionTechnique": "SENSE",
    "ParallelReductionFactorOutOfPlane": 1.5,
    "AcquisitionDuration": 508.993,
    "PixelBandwidth": 191,
    "PhaseEncodingAxis": "i",
    "ImageOrientationPatientDICOM": [
        0.0395883,
        0.998772,
        0.0297864,
        -0.00205815,
        0.0298912,
        -0.999551
    ],
    "InPlanePhaseEncodingDirectionDICOM": "ROW",
    "BidsGuess": [
        "anat",
        "_acq-MPGRT1TFE_run-201_T1w"
    ],
    "ConversionSoftware": "dcm2niix",
    "ConversionSoftwareVersion": "v1.0.20240202"
}