{
    "Modality": "PT",
    "Manufacturer": "Siemens",
    "ManufacturersModelName": "petmct1",
    "InstitutionName": "NIH Clinical Center",
    "InstitutionalDepartmentName": "PET petmct1",
    "InstitutionAddress": "10 Center Drive, Bethesda, MD 20892",
    "DeviceSerialNumber": "11048",
    "StationName": "CTAWP71179",
    "PatientPosition": "FFS",
    "SoftwareVersions": "VG62C",
    "SeriesDescription": "PET_Brain_SF51_Dyn_TOF_SF12051_PointSpreadFunctionmodellingTimeOfFlight_sesbaseline_e0827196e5caa1ab9e4ea42a127f4f98",
    "ProtocolName": "PET_Brain_SF51_Dyn_TOF",
    "ImageType": [
        "ORIGINAL",
        "PRIMARY"
    ],
    "SeriesNumber": 5,
    "AcquisitionNumber": 2001,
    "ImageComments": "Frame 1 of 33^AC_CT_Brain",
    "Radiopharmaceutical": "SF12051",
    "RadionuclidePositronFraction": 0.9673,
    "RadionuclideTotalDose": 192770000,
    "RadionuclideHalfLife": 6586.2,
    "DoseCalibrationFactor": 31991700,
    "Units": "Bq/mL",
    "DecayCorrection": "ADMIN",
    "AttenuationCorrectionMethod": "measured,AC_CT_Brain",
    "DecayFactor": [
        1.002,
        1.00517,
        1.00835,
        1.01154,
        1.01474,
        1.01795,
        1.02278,
        1.02926,
        1.03578,
        1.04563,
        1.05892,
        1.08259,
        1.11731,
        1.15315,
        1.19014,
        1.22832,
        1.26772,
        1.30838,
        1.35035,
        1.39366,
        1.43836,
        1.4845,
        1.53212,
        1.58126,
        1.63199,
        1.68433,
        1.73836,
        1.79412,
        1.85167,
        1.91107,
        1.97237,
        2.03563,
        2.10093
    ],
    "FrameTimesStart": [
        0,
        30,
        60,
        90,
        120,
        150,
        180,
        240,
        300,
        360,
        480,
        600,
        900,
        1200,
        1500,
        1800,
        2100,
        2400,
        2700,
        3000,
        3300,
        3600,
        3900,
        4200,
        4500,
        4800,
        5100,
        5400,
        5700,
        6000,
        6300,
        6600,
        6900
    ],
    "FrameDuration": [
        30,
        30,
        30,
        30,
        30,
        30,
        60,
        60,
        60,
        120,
        120,
        300,
        300,
        300,
        300,
        300,
        300,
        300,
        300,
        300,
        300,
        300,
        300,
        300,
        300,
        300,
        300,
        300,
        300,
        300,
        300,
        300,
        300
    ],
    "FrameReferenceTime": [
        15,
        45,
        75,
        105,
        135,
        165,
        210,
        270,
        330,
        419.937,
        539.937,
        749.605,
        1049.61,
        1349.61,
        1649.61,
        1949.61,
        2249.61,
        2549.61,
        2849.61,
        3149.61,
        3449.61,
        3749.61,
        4049.61,
        4349.61,
        4649.61,
        4949.61,
        5249.61,
        5549.61,
        5849.61,
        6149.61,
        6449.61,
        6749.61,
        7049.61
    ],
    "SliceThickness": 2,
    "ImageOrientationPatientDICOM": [
        1,
        0,
        0,
        0,
        1,
        0
    ],
    "BidsGuess": [
        "PET",
        "PET"
    ],
    "ConversionSoftware": [
        "dcm2niix",
        "pypet2bids"
    ],
    "ConversionSoftwareVersion": [
        "v1.0.20240202",
        "1.3.13"
    ],
    "ReconMethodName": "Point-Spread Function modelling Time Of Flight",
    "ReconMethodParameterUnits": [
        "none",
        "none"
    ],
    "ReconMethodParameterLabels": [
        "subsets",
        "iterations"
    ],
    "ReconMethodParameterValues": [
        21,
        3
    ],
    "AttenuationCorrection": "measured,AC_CT_Brain",
    "ScatterFraction": [
        0.271977
    ],
    "DecayCorrectionFactor": [
        1.0589225
    ],
    "TimeZero": "11:08:12",
    "ScanStart": 0,
    "InjectionStart": 0,
    "TracerRadionuclide": "[18F]",
    "TracerName": "SF12051",
    "InjectedRadioactivity": 192770,
    "InjectedRadioactivityUnits": "kBq",
    "InjectedMass": 2.81575906670954,
    "InjectedMassUnits": "nmol",
    "SpecificRadioactivity": 68461.11312544526,
    "SpecificRadioactivityUnits": "kBq/nmol",
    "ModeOfAdministration": "bolus",
    "AcquisitionMode": "list mode",
    "ImageDecayCorrected": true,
    "ImageDecayCorrectionTime": 0,
    "MolarActivity": 68461.11312544526,
    "MolarActivityUnits": "kBq/nmol",
    "MolarActivityMeasTime": "11:08:08",
    "MolecularWeight": 1000,
    "MolecularWeightUnits": "g/mol",
    "ReconFilterSize": 2,
    "ReconFilterType": "XYZ Gauss0",
    "RepetitionTime": 0
}