{
    "Modality": "MR",
    "MagneticFieldStrength": 7,
    "ImagingFrequency": 297.204334,
    "Manufacturer": "Siemens",
    "ManufacturersModelName": "Investigational_Device_7T_Plus",
    "InstitutionName": "NIH 7T Research",
    "InstitutionalDepartmentName": "Department",
    "InstitutionAddress": "Center Drive 10,Bethesda,Maryland,US,20892",
    "DeviceSerialNumber": "18926",
    "StationName": "fmrif7ta",
    "PatientAge": 41,
    "BodyPartExamined": "BRAIN",
    "PatientPosition": "HFS",
    "ProcedureStepDescription": "MRI Procedure Limited",
    "SoftwareVersions": "syngo MR E12",
    "MRAcquisitionType": "3D",
    "SeriesDescription": "t1_mprage_sag_p2_1mm",
    "ProtocolName": "t1_mprage_sag_p2_1mm",
    "ScanningSequence": "GR\\IR",
    "SequenceVariant": "SK\\SP\\MP",
    "ScanOptions": "IR\\WE",
    "SequenceName": "*tfl3d1rr16ns",
    "ImageType": [
        "ORIGINAL",
        "PRIMARY",
        "M",
        "ND",
        "NORM"
    ],
    "NonlinearGradientCorrection": false,
    "SeriesNumber": 2,
    "AcquisitionTime": "09:50:49.700000",
    "AcquisitionNumber": 1,
    "SliceThickness": 1,
    "SAR": 0.132289,
    "EchoTime": 0.00278,
    "RepetitionTime": 3,
    "SpoilingState": true,
    "InversionTime": 1.05,
    "FlipAngle": 7,
    "PercentPhaseFOV": 100,
    "PercentSampling": 100,
    "PhaseEncodingSteps": 239,
    "AcquisitionMatrixPE": 240,
    "ReconMatrixPE": 240,
    "PixelBandwidth": 240,
    "ImageOrientationPatientDICOM": [
        0,
        1,
        0,
        0,
        0,
        -1
    ],
    "InPlanePhaseEncodingDirectionDICOM": "ROW",
    "BidsGuess": [
        "anat",
        "_acq-tfl3_run-2_T1w"
    ],
    "ConversionSoftware": "dcm2niix",
    "ConversionSoftwareVersion": "v1.0.20240202"
}