{
    "Modality": "MR",
    "MagneticFieldStrength": 3,
    "ImagingFrequency": 127.755568,
    "Manufacturer": "Philips",
    "ManufacturersModelName": "Achieva",
    "InstitutionName": "NIH Clinical Center",
    "InstitutionalDepartmentName": "Radiology MR2",
    "DeviceSerialNumber": "17384",
    "StationName": "PHILIPS-GN34U7Q",
    "PatientAge": 55,
    "BodyPartExamined": "BRAIN",
    "PatientPosition": "HFS",
    "ProcedureStepDescription": "MRI Brain",
    "SoftwareVersions": "5.7.1\\5.7.1.2",
    "MRAcquisitionType": "3D",
    "SeriesDescription": "3D T1 TFE SAG 1",
    "ProtocolName": "WIP 3D T1 TFE SAG 1",
    "ScanningSequence": "GR",
    "SequenceVariant": "MP",
    "ScanOptions": "OTHER",
    "PulseSequenceName": "T1TFE",
    "ImageType": [
        "ORIGINAL",
        "SECONDARY",
        "M",
        "FFE",
        "M",
        "FFE"
    ],
    "SeriesNumber": 201,
    "AcquisitionTime": "08:09:7.310000",
    "AcquisitionNumber": 2,
    "PhilipsRWVSlope": 2.6337,
    "PhilipsRWVIntercept": 0,
    "SliceThickness": 1,
    "SpacingBetweenSlices": 1,
    "SAR": 0.0149849,
    "EchoTime": 0.003729,
    "RepetitionTime": 0.0081395,
    "MTState": false,
    "SpoilingState": true,
    "SpoilingType": "COMBINED",
    "FlipAngle": 8,
    "CoilString": "SENSE_HEAD_8",
    "PercentPhaseFOV": 100,
    "PercentSampling": 100,
    "EchoTrainLength": 240,
    "PhaseEncodingSteps": 240,
    "FrequencyEncodingSteps": 240,
    "PhaseEncodingStepsOutOfPlane": 181,
    "AcquisitionMatrixPE": 240,
    "ReconMatrixPE": 256,
    "ParallelAcquisitionTechnique": "SENSE",
    "ParallelReductionFactorOutOfPlane": 1.5,
    "AcquisitionDuration": 509.001,
    "PixelBandwidth": 191,
    "PhaseEncodingAxis": "i",
    "ImageOrientationPatientDICOM": [
        0.0147273,
        0.999882,
        0.00442415,
        0.054695,
        0.00361242,
        -0.998497
    ],
    "InPlanePhaseEncodingDirectionDICOM": "ROW",
    "BidsGuess": [
        "anat",
        "_acq-MPGRT1TFE_run-201_T1w"
    ],
    "ConversionSoftware": "dcm2niix",
    "ConversionSoftwareVersion": "v1.0.20240202"
}